GIT
  remote: https://github.com/creative-workflow/capistrano-pm2.git
  revision: bc6858fed6150ed661134f58b4e599c49d929651
  specs:
    capistrano-pm2 (1.0.4)
      capistrano (>= 3.0.0)

GEM
  remote: https://rubygems.org/
  specs:
    capistrano (3.1.0)
      i18n
      rake (>= 10.0.0)
      sshkit (~> 1.3)
    i18n (0.8.0)
    net-scp (1.2.1)
      net-ssh (>= 2.6.5)
    net-ssh (4.0.1)
    rake (12.0.0)
    sshkit (1.11.5)
      net-scp (>= 1.1.2)
      net-ssh (>= 2.8.0)

PLATFORMS
  ruby

DEPENDENCIES
  capistrano (~> 3.1.0)
  capistrano-pm2!

BUNDLED WITH
   1.13.1
